GEM
  remote: https://rubygems.org/
  specs:
    git (1.3.0)
    rake (10.5.0)

PLATFORMS
  ruby

DEPENDENCIES
  git (~> 1.2)
  rake (~> 10.0)

BUNDLED WITH
   1.12.3
